GEM
  remote: https://rubygems.org/
  specs:
    asciidoctor (2.0.22)
    asciidoctor-revealjs (5.1.0)
      asciidoctor (>= 2.0.0, < 3.0.0)

PLATFORMS
  ruby

DEPENDENCIES
  asciidoctor-revealjs

BUNDLED WITH
   1.17.2
